PATH
  remote: .
  specs:
    tdi (0.1.10)
      awesome_print
      colorize
      etc
      ipaddress
      net-ssh
      os
      slop (~> 3.6)
      timeout

GEM
  remote: https://rubygems.org/
  specs:
    awesome_print (1.7.0)
    colorize (0.8.1)
    etc (0.2.0)
    ipaddress (0.8.3)
    net-ssh (3.2.0)
    os (0.9.6)
    rake (11.2.2)
    slop (3.6.0)
    timeout (0.0.1)
      timeout-extensions
    timeout-extensions (0.1.1)

PLATFORMS
  ruby

DEPENDENCIES
  bundler (~> 1.5)
  rake
  tdi!
