PATH
  remote: .
  specs:
    tdi (0.2.2)
      awesome_print
      colorize
      ipaddress
      net-ssh
      os
      slop (~> 3.6)

GEM
  remote: https://rubygems.org/
  specs:
    awesome_print (1.7.0)
    colorize (0.8.1)
    ipaddress (0.8.3)
    net-ssh (4.1.0)
    os (1.0.0)
    rake (12.0.0)
    slop (3.6.0)

PLATFORMS
  ruby

DEPENDENCIES
  bundler (~> 1.5)
  rake
  tdi!

BUNDLED WITH
   1.14.4
