PATH
  remote: .
  specs:
    tdi (0.1.3)
      colorize
      etc
      net-ssh
      os
      slop (~> 3.6)
      timeout

GEM
  remote: https://rubygems.org/
  specs:
    colorize (0.7.3)
    etc (0.2.0)
    net-ssh (2.9.1)
    os (0.9.6)
    rake (10.3.2)
    slop (3.6.0)
    timeout (0.0.0)

PLATFORMS
  ruby

DEPENDENCIES
  bundler (~> 1.5)
  rake
  tdi!
