PATH
  remote: .
  specs:
    tdi (0.1.5)
      colorize
      etc
      net-ssh
      os
      slop (~> 3.6)
      timeout (= 0.0.0)

GEM
  remote: https://rubygems.org/
  specs:
    colorize (0.7.5)
    etc (0.2.0)
    net-ssh (2.9.2)
    os (0.9.6)
    rake (10.4.2)
    slop (3.6.0)
    timeout (0.0.0)

PLATFORMS
  ruby

DEPENDENCIES
  bundler (~> 1.5)
  rake
  tdi!
